GEM
  remote: http://rubygems.org/
  specs:
    addressable (2.6.0)
      public_suffix (>= 2.0.2, < 4.0)
    cf-uaa-lib (3.14.3)
      httpclient (~> 2.8, >= 2.8.2.4)
      multi_json (~> 1.12.0, >= 1.12.1)
    cf-uaac (4.1.0)
      cf-uaa-lib (~> 3.11)
      em-http-request (~> 1.1, >= 1.1.2)
      eventmachine (~> 1.0, >= 1.0.3)
      highline (~> 1.6, >= 1.6.21)
      json_pure (~> 1.8, >= 1.8.1)
      launchy (~> 2.4, >= 2.4.2)
      rack (~> 1.5, >= 1.5.2)
    cookiejar (0.3.3)
    em-http-request (1.1.5)
      addressable (>= 2.3.4)
      cookiejar (!= 0.3.1)
      em-socksify (>= 0.3)
      eventmachine (>= 1.0.3)
      http_parser.rb (>= 0.6.0)
    em-socksify (0.3.2)
      eventmachine (>= 1.0.0.beta.4)
    eventmachine (1.2.7)
    highline (1.7.10)
    http_parser.rb (0.6.0)
    httpclient (2.8.3)
    json_pure (1.8.6)
    launchy (2.4.3)
      addressable (~> 2.3)
    multi_json (1.12.2)
    public_suffix (3.1.0)
    rack (1.6.13)

PLATFORMS
  ruby

DEPENDENCIES
  cf-uaac (= 4.1.0)

BUNDLED WITH
   1.16.6
